GEM
  remote: https://rubygems.org/
  specs:
    dimples (7.0.5)
      erubi (~> 1.10)
      redcarpet (~> 3.5)
      tilt (~> 2.0)
    erubi (1.12.0)
    erubis (2.7.0)
    redcarpet (3.5.1)
    tilt (2.2.0)

PLATFORMS
  ruby

DEPENDENCIES
  dimples
  erubis (~> 2.7.0)
  redcarpet (~> 3.5.1)

BUNDLED WITH
   2.4.13
