GEM
  remote: https://rubygems.org/
  specs:
    dimples (6.2.3)
      hashie (~> 3.5, >= 3.5.7)
      optimist (~> 3.0)
      tilt (~> 2.0)
    erubis (2.7.0)
    hashie (3.6.0)
    optimist (3.0.0)
    redcarpet (3.4.0)
    tilt (2.0.9)

PLATFORMS
  ruby

DEPENDENCIES
  dimples (~> 6.2.1)
  erubis (~> 2.7.0)
  redcarpet (~> 3.4.0)

BUNDLED WITH
   1.16.6
