GEM
  remote: https://rubygems.org/
  specs:
    dimples (5.1.0)
      hashie (~> 3.5, >= 3.5.7)
      tilt (~> 2.0)
      trollop (~> 2.1)
    erubis (2.7.0)
    hashie (3.5.7)
    redcarpet (3.4.0)
    tilt (2.0.8)
    trollop (2.1.2)

PLATFORMS
  ruby

DEPENDENCIES
  dimples (~> 5.1.0)
  erubis (~> 2.7.0)
  redcarpet (~> 3.4.0)

BUNDLED WITH
   1.16.1
