GEM
  remote: https://rubygems.org/
  specs:
    dimples (3.0.7)
      tilt (~> 2.0)
      trollop (~> 2.1)
    erubis (2.7.0)
    redcarpet (3.4.0)
    tilt (2.0.8)
    trollop (2.1.2)

PLATFORMS
  ruby

DEPENDENCIES
  dimples
  erubis
  redcarpet

BUNDLED WITH
   1.15.1
