GEM
  remote: https://rubygems.org/
  specs:
    dimples (6.5.4)
      hashie (~> 3.5, >= 3.5.7)
      optimist (~> 3.0)
      tilt (~> 2.0)
    erubis (2.7.0)
    hashie (3.6.0)
    optimist (3.0.0)
    redcarpet (3.5.1)
    tilt (2.0.10)

PLATFORMS
  ruby

DEPENDENCIES
  dimples
  erubis (~> 2.7.0)
  redcarpet (~> 3.5.1)

BUNDLED WITH
   1.17.2
